PATH
  remote: .
  specs:
    alpha_omega (1.9.0)
      capistrano
      capistrano-log_with_awesome
      capistrano_colors
      deep_merge
      json

GEM
  remote: https://rubygems.org/
  specs:
    capistrano (2.15.3)
      highline
      net-scp (>= 1.0.0)
      net-sftp (>= 2.0.0)
      net-ssh (>= 2.0.14)
      net-ssh-gateway (>= 1.1.0)
    capistrano-log_with_awesome (0.0.2)
      capistrano (>= 2.5.14)
    capistrano_colors (0.5.5)
    deep_merge (1.0.0)
    highline (1.6.18)
    jruby-pageant (1.1.1)
    json (1.7.7)
    net-scp (1.0.4)
      net-ssh (>= 1.99.1)
    net-sftp (2.0.5)
      net-ssh (>= 2.0.9)
    net-ssh (2.4.0)
      jruby-pageant (>= 1.0.2)
    net-ssh-gateway (1.1.0)
      net-ssh (>= 1.99.1)
    opsdb (0.0.1)

PLATFORMS
  ruby

DEPENDENCIES
  alpha_omega!
  json
  net-ssh (~> 2.4.0)
  opsdb
